GEM
  remote: http://rubygems.org/
  specs:
    metaclass (0.0.1)
    mocha (0.14.0)
      metaclass (~> 0.0.1)
    rake (10.1.0)
    shoulda-context (1.1.5)

PLATFORMS
  ruby

DEPENDENCIES
  mocha
  rake (= 10.1.0)
  shoulda-context
